GIT
  remote: git://github.com/rack/rack.git
  revision: 6cb96fe16f22c928ea4451b1290afb350e9a2ae5
  specs:
    rack (1.4.0)

GEM
  specs:
    sinatra (1.2.6)
      rack (~> 1.1)
      tilt (< 2.0, >= 1.2.2)
    tilt (1.3.3)

PLATFORMS
  ruby

DEPENDENCIES
  rack (= 1.4.0)!
  sinatra
